GEM
  remote: https://rubygems.org/
  specs:
    byebug (11.1.3)
    coderay (1.1.3)
    dotenv (2.8.1)
    ethon (0.16.0)
      ffi (>= 1.15.0)
    ffi (1.15.5)
    haml (6.1.1)
      temple (>= 0.8.2)
      thor
      tilt
    hashie (5.0.0)
    method_source (1.0.0)
    mustermann (3.0.0)
      ruby2_keywords (~> 0.0.1)
    nio4r (2.5.8)
    oauth (1.1.0)
      oauth-tty (~> 1.0, >= 1.0.1)
      snaky_hash (~> 2.0)
      version_gem (~> 1.1)
    oauth-tty (1.0.5)
      version_gem (~> 1.1, >= 1.1.1)
    pry (0.14.2)
      coderay (~> 1.1)
      method_source (~> 1.0)
    pry-byebug (3.10.1)
      byebug (~> 11.0)
      pry (>= 0.13, < 0.15)
    pry-nav (1.0.0)
      pry (>= 0.9.10, < 0.15)
    puma (6.0.2)
      nio4r (~> 2.0)
    rack (2.2.5)
    rack-protection (3.0.5)
      rack
    ruby2_keywords (0.0.5)
    sinatra (3.0.5)
      mustermann (~> 3.0)
      rack (~> 2.2, >= 2.2.4)
      rack-protection (= 3.0.5)
      tilt (~> 2.0)
    snaky_hash (2.0.1)
      hashie
      version_gem (~> 1.1, >= 1.1.1)
    temple (0.9.1)
    thor (1.2.1)
    tilt (2.0.11)
    typhoeus (1.4.0)
      ethon (>= 0.9.0)
    version_gem (1.1.1)

PLATFORMS
  arm64-darwin-22
  ruby

DEPENDENCIES
  dotenv
  haml
  oauth
  pry
  pry-byebug
  pry-nav
  puma
  rack
  sinatra
  typhoeus

RUBY VERSION
   ruby 3.1.3p185

BUNDLED WITH
   2.3.26
